PATH
  remote: .
  specs:
    hello_planet (0.3.3)

GEM
  remote: https://rubygems.org/
  specs:
    minitest (5.10.1)
    rake (10.5.0)

PLATFORMS
  ruby

DEPENDENCIES
  bundler (~> 1.11)
  hello_planet!
  minitest (~> 5.0)
  rake (~> 10.0)

BUNDLED WITH
   1.11.2
